GEM
  remote: https://rubygems.org/
  specs:
    faraday (0.9.0)
      multipart-post (>= 1.2, < 3)
    jenkins_api_client (1.2.0)
      json
      mixlib-shellout (>= 1.1.0)
      nokogiri (~> 1.6.0)
      terminal-table (>= 1.4.0)
      thor (>= 0.16.0)
    json (1.8.1)
    mini_portile (0.6.1)
    mixlib-shellout (2.0.0)
    multipart-post (2.0.0)
    nokogiri (1.6.5)
      mini_portile (~> 0.6.0)
    rugged (0.21.4)
    terminal-table (1.4.5)
    thor (0.19.1)

PLATFORMS
  ruby

DEPENDENCIES
  faraday
  jenkins_api_client
  rugged
